GEM
  remote: https://rubygems.org/
  specs:
    colorize (0.7.4)
    simple-rss (1.3.1)

PLATFORMS
  ruby

DEPENDENCIES
  colorize
  simple-rss
